GEM
  remote: http://rubygems.org/
  specs:
    activesupport (3.0.7)
    backports (2.2.1)
    dalli (1.0.5)
    hpricot (0.8.4)
    i18n (0.5.0)
    json (1.5.1)
    monkey-lib (0.5.4)
      backports
    mustache (0.99.4)
    rack (1.3.0)
    sinatra (1.2.6)
      rack (~> 1.1)
      tilt (< 2.0, >= 1.2.2)
    sinatra-advanced-routes (0.5.1)
      monkey-lib (~> 0.5.0)
      sinatra (~> 1.0)
      sinatra-sugar (~> 0.5.0)
    sinatra-reloader (0.5.0)
      sinatra (~> 1.0)
      sinatra-advanced-routes (~> 0.5.0)
    sinatra-sugar (0.5.1)
      monkey-lib (~> 0.5.0)
      sinatra (~> 1.0)
    tilt (1.3.2)

PLATFORMS
  ruby

DEPENDENCIES
  activesupport
  dalli
  hpricot
  i18n
  json
  mustache
  sinatra
  sinatra-reloader
